GEM
  remote: https://rubygems.org/
  specs:
    minitest (5.0.5)

PLATFORMS
  ruby

DEPENDENCIES
  minitest
