GEM
  remote: https://rubygems.org/
  specs:
    activesupport (3.2.9)
      i18n (~> 0.6)
      multi_json (~> 1.0)
    i18n (0.6.4)
    minitest (5.0.5)
    multi_json (1.7.7)
    rake (10.1.0)

PLATFORMS
  ruby

DEPENDENCIES
  activesupport
  minitest
  rake
